GEM
  remote: https://rubygems.org/
  specs:
    activesupport (6.0.3)
      concurrent-ruby (~> 1.0, >= 1.0.2)
      i18n (>= 0.7, < 2)
      minitest (~> 5.1)
      tzinfo (~> 1.1)
      zeitwerk (~> 2.2, >= 2.2.2)
    ast (2.4.0)
    coderay (1.1.2)
    concurrent-ruby (1.1.6)
    dry-configurable (0.11.5)
      concurrent-ruby (~> 1.0)
      dry-core (~> 0.4, >= 0.4.7)
      dry-equalizer (~> 0.2)
    dry-container (0.7.2)
      concurrent-ruby (~> 1.0)
      dry-configurable (~> 0.1, >= 0.1.3)
    dry-core (0.4.9)
      concurrent-ruby (~> 1.0)
    dry-equalizer (0.3.0)
    dry-inflector (0.2.0)
    dry-initializer (3.0.3)
    dry-logic (1.0.6)
      concurrent-ruby (~> 1.0)
      dry-core (~> 0.2)
      dry-equalizer (~> 0.2)
    dry-struct (1.3.0)
      dry-core (~> 0.4, >= 0.4.4)
      dry-equalizer (~> 0.3)
      dry-types (~> 1.3)
      ice_nine (~> 0.11)
    dry-types (1.4.0)
      concurrent-ruby (~> 1.0)
      dry-container (~> 0.3)
      dry-core (~> 0.4, >= 0.4.4)
      dry-equalizer (~> 0.3)
      dry-inflector (~> 0.1, >= 0.1.2)
      dry-logic (~> 1.0, >= 1.0.2)
    i18n (1.8.2)
      concurrent-ruby (~> 1.0)
    ice_nine (0.11.2)
    immutable-struct (2.4.1)
    jaro_winkler (1.5.4)
    method_source (0.9.2)
    minitest (5.4.3)
    parallel (1.19.1)
    parser (2.7.1.2)
      ast (~> 2.4.0)
    pg (1.2.3)
    pry (0.12.2)
      coderay (~> 1.1.0)
      method_source (~> 0.9.0)
    pry-nav (0.3.0)
      pry (>= 0.9.10, < 0.13.0)
    rack (2.2.2)
    rainbow (3.0.0)
    rexml (3.2.4)
    rom (5.2.4)
      rom-changeset (~> 5.2, >= 5.2.3)
      rom-core (~> 5.2, >= 5.2.3)
      rom-repository (~> 5.2, >= 5.2.2)
    rom-changeset (5.2.3)
      dry-core (~> 0.4)
      rom-core (~> 5.2)
      transproc (~> 1.0, >= 1.1.0)
    rom-core (5.2.3)
      concurrent-ruby (~> 1.1)
      dry-container (~> 0.7)
      dry-core (~> 0.4)
      dry-equalizer (~> 0.2)
      dry-inflector (~> 0.1)
      dry-initializer (~> 3.0, >= 3.0.1)
      dry-struct (~> 1.0)
      dry-types (~> 1.0)
      transproc (~> 1.0, >= 1.1.0)
    rom-repository (5.2.2)
      dry-core (~> 0.4)
      dry-initializer (~> 3.0, >= 3.0.1)
      rom-core (~> 5.2, >= 5.2.2)
    rom-sql (3.2.0)
      dry-core (~> 0.4)
      dry-equalizer (~> 0.2)
      dry-types (~> 1.0)
      rom-core (~> 5.2, >= 5.2.1)
      sequel (>= 4.49)
    rubocop (0.82.0)
      jaro_winkler (~> 1.5.1)
      parallel (~> 1.10)
      parser (>= 2.7.0.1)
      rainbow (>= 2.2.2, < 4.0)
      rexml
      ruby-progressbar (~> 1.7)
      unicode-display_width (>= 1.4.0, < 2.0)
    rubocop-rails (2.5.2)
      activesupport
      rack (>= 1.1)
      rubocop (>= 0.72.0)
    ruby-progressbar (1.10.1)
    sequel (5.32.0)
    thread_safe (0.3.6)
    transproc (1.1.1)
    tzinfo (1.2.7)
      thread_safe (~> 0.1)
    unicode-display_width (1.7.0)
    zeitwerk (2.3.0)

PLATFORMS
  ruby

DEPENDENCIES
  activesupport
  immutable-struct
  minitest
  pg
  pry
  pry-nav
  rom
  rom-sql (~> 3.2)
  rubocop-rails
  zeitwerk

BUNDLED WITH
   1.17.2
